GEM
  remote: https://rubygems.org/
  specs:
    chunky_png (1.3.10)
    coderay (1.1.2)
    method_source (0.9.0)
    pry (0.11.3)
      coderay (~> 1.1.0)
      method_source (~> 0.9.0)

PLATFORMS
  ruby

DEPENDENCIES
  chunky_png
  pry

BUNDLED WITH
   1.16.2
